GEM
  remote: https://rubygems.org/
  specs:
    addressable (2.3.6)
    bson (1.9.2)
    faraday (0.9.0)
      multipart-post (>= 1.2, < 3)
    mongo (1.9.2)
      bson (~> 1.9.2)
    multipart-post (2.0.0)
    octokit (3.4.2)
      sawyer (~> 0.5.3)
    parallel (1.3.3)
    sawyer (0.5.5)
      addressable (~> 2.3.5)
      faraday (~> 0.8, < 0.10)

PLATFORMS
  ruby

DEPENDENCIES
  mongo (= 1.9.2)
  octokit (~> 3.0)
  parallel (= 1.3.3)
